GEM
  remote: https://rubygems.org/
  specs:
    actionmailer (2.3.18)
      actionpack (= 2.3.18)
    actionpack (2.3.18)
      activesupport (= 2.3.18)
      rack (~> 1.1.0)
    activerecord (2.3.18)
      activesupport (= 2.3.18)
    activeresource (2.3.18)
      activesupport (= 2.3.18)
    activesupport (2.3.18)
    addressable (2.3.5)
    awesome_print (1.2.0)
    curl (0.0.9)
      awesome_print (>= 0.2.1)
      unidecoder (>= 1.1.1)
    excon (0.25.3)
    i18n (0.6.4)
    json (1.8.1)
    launchy (2.3.0)
      addressable (~> 2.3)
    mime-types (1.23)
    minitest (4.7.5)
    multi_json (1.7.7)
    netrc (0.7.7)
    newrelic_rpm (3.10.0.279)
    pg (0.15.0-x86-mingw32)
    rack (1.1.6)
    rails (2.3.18)
      actionmailer (= 2.3.18)
      actionpack (= 2.3.18)
      activerecord (= 2.3.18)
      activeresource (= 2.3.18)
      activesupport (= 2.3.18)
      rake (>= 0.8.3)
    rake (10.1.0)
    rest-client (1.6.7)
      mime-types (>= 1.16)
    rubyzip (0.9.9)
    sqlite3 (1.3.7-x86-mingw32)
    sqlite3-ruby (1.3.3)
      sqlite3 (>= 1.3.3)
    tzinfo (0.3.37)
    unidecoder (1.1.2)
    will_paginate (3.0.5)

PLATFORMS
  x86-mingw32

DEPENDENCIES
  actionpack (= 2.3.18)
  activerecord (= 2.3.18)
  activeresource (= 2.3.18)
  activesupport (= 2.3.18)
  addressable (= 2.3.5)
  awesome_print (= 1.2.0)
  curl (= 0.0.9)
  excon (= 0.25.3)
  i18n (= 0.6.4)
  json (= 1.8.1)
  launchy (= 2.3.0)
  mime-types (= 1.23)
  minitest (= 4.7.5)
  multi_json (= 1.7.7)
  netrc (= 0.7.7)
  newrelic_rpm
  pg (= 0.15.0)
  rack (= 1.1.6)
  rails (= 2.3.18)
  rake (= 10.1.0)
  rest-client (= 1.6.7)
  rubyzip (= 0.9.9)
  sqlite3 (= 1.3.7)
  sqlite3-ruby (= 1.3.3)
  tzinfo (= 0.3.37)
  unidecoder (= 1.1.2)
  will_paginate (= 3.0.5)
